GEM
  remote: https://rubygems.org/
  specs:
    deepsort (0.5.0)
    thor (1.4.0)

PLATFORMS
  arm64-darwin-23
  ruby

DEPENDENCIES
  deepsort
  thor

BUNDLED WITH
   2.5.9
